GEM
  remote: https://rubygems.org/
  specs:
    base64 (0.3.0)
    commonmarker (0.23.11)
    concurrent-ruby (1.3.5)
    crass (1.0.6)
    date (3.4.1)
    erb (5.0.2)
    gemojione (4.3.3)
      json
    github-markup (4.0.2)
    gollum (6.1.0)
      gemojione (~> 4.1)
      gollum-lib (~> 6.0)
      i18n (~> 1.8)
      kramdown (~> 2.3)
      kramdown-parser-gfm (~> 1.1.0)
      mustache-sinatra (~> 2.0)
      octicons (~> 19.0)
      rack (>= 3.0)
      rackup (~> 2.1)
      rdoc (~> 6)
      rss (~> 0.3)
      sinatra (~> 4.0)
      sinatra-contrib (~> 4.0)
      sprockets (~> 4.1)
      sprockets-helpers (~> 1.2)
      therubyrhino (~> 2.1.0)
      useragent (~> 0.16.2)
      webrick (~> 1.7)
    gollum-lib (6.0)
      gemojione (~> 4.1)
      github-markup (~> 4.0)
      gollum-rugged_adapter (~> 3.0)
      loofah (~> 2.3)
      nokogiri (~> 1.8)
      rouge (~> 3.1)
      twitter-text (= 1.14.7)
    gollum-rugged_adapter (3.0)
      mime-types (~> 3.4)
      rugged (~> 1.5)
    i18n (1.14.7)
      concurrent-ruby (~> 1.0)
    json (2.13.2)
    kramdown (2.5.1)
      rexml (>= 3.3.9)
    kramdown-parser-gfm (1.1.0)
      kramdown (~> 2.0)
    logger (1.7.0)
    loofah (2.24.1)
      crass (~> 1.0.2)
      nokogiri (>= 1.12.0)
    mime-types (3.7.0)
      logger
      mime-types-data (~> 3.2025, >= 3.2025.0507)
    mime-types-data (3.2025.0812)
    multi_json (1.17.0)
    mustache (1.1.1)
    mustache-sinatra (2.0.0)
      mustache (~> 1.0)
    mustermann (3.0.4)
      ruby2_keywords (~> 0.0.1)
    nokogiri (1.18.9-aarch64-linux-gnu)
      racc (~> 1.4)
    nokogiri (1.18.9-aarch64-linux-musl)
      racc (~> 1.4)
    nokogiri (1.18.9-arm-linux-gnu)
      racc (~> 1.4)
    nokogiri (1.18.9-arm-linux-musl)
      racc (~> 1.4)
    nokogiri (1.18.9-arm64-darwin)
      racc (~> 1.4)
    nokogiri (1.18.9-x86_64-darwin)
      racc (~> 1.4)
    nokogiri (1.18.9-x86_64-linux-gnu)
      racc (~> 1.4)
    nokogiri (1.18.9-x86_64-linux-musl)
      racc (~> 1.4)
    octicons (19.15.5)
    psych (5.2.6)
      date
      stringio
    racc (1.8.1)
    rack (3.2.0)
    rack-protection (4.1.1)
      base64 (>= 0.1.0)
      logger (>= 1.6.0)
      rack (>= 3.0.0, < 4)
    rack-session (2.1.1)
      base64 (>= 0.1.0)
      rack (>= 3.0.0)
    rackup (2.2.1)
      rack (>= 3)
    rdoc (6.14.2)
      erb
      psych (>= 4.0.0)
    rexml (3.4.1)
    rouge (3.30.0)
    rss (0.3.1)
      rexml
    ruby2_keywords (0.0.5)
    rugged (1.9.0)
    sinatra (4.1.1)
      logger (>= 1.6.0)
      mustermann (~> 3.0)
      rack (>= 3.0.0, < 4)
      rack-protection (= 4.1.1)
      rack-session (>= 2.0.0, < 3)
      tilt (~> 2.0)
    sinatra-contrib (4.1.1)
      multi_json (>= 0.0.2)
      mustermann (~> 3.0)
      rack-protection (= 4.1.1)
      sinatra (= 4.1.1)
      tilt (~> 2.0)
    sprockets (4.2.2)
      concurrent-ruby (~> 1.0)
      logger
      rack (>= 2.2.4, < 4)
    sprockets-helpers (1.4.0)
      sprockets (>= 2.2)
    stringio (3.1.7)
    therubyrhino (2.1.2)
      therubyrhino_jar (>= 1.7.4, < 1.7.9)
    therubyrhino_jar (1.7.8)
    tilt (2.6.1)
    twitter-text (1.14.7)
      unf (~> 0.1.0)
    unf (0.1.4)
      unf_ext
    unf_ext (0.0.9.1)
    useragent (0.16.11)
    webrick (1.9.1)

PLATFORMS
  aarch64-linux-gnu
  aarch64-linux-musl
  arm-linux-gnu
  arm-linux-musl
  arm64-darwin
  x86_64-darwin
  x86_64-linux-gnu
  x86_64-linux-musl

DEPENDENCIES
  commonmarker (~> 0.23.9)
  gollum (~> 6.1.0)
  gollum-lib (~> 6.0)
  rouge (~> 3.1)
  rugged (~> 1.6)
  sinatra (~> 4.0)

RUBY VERSION
   ruby 3.2.2p53

BUNDLED WITH
   2.7.1
